GEM
  remote: http://rubygems.org/
  specs:
    archive-tar-minitar (0.5.2)
    downlow (0.1.3)
      archive-tar-minitar (>= 0.5.2)
      rubyzip (>= 0.9.4)
    fakeweb (1.3.0)
    fssm (0.2.5)
    git (1.2.5)
    jeweler (1.5.2)
      bundler (~> 1.0.0)
      git (>= 1.2.5)
      rake
    mocha (0.9.8)
      rake
    rack (1.2.1)
    rack-test (0.5.7)
      rack (>= 1.0)
    rake (0.9.2.2)
    rubyzip (0.9.4)
    shoulda (2.11.3)
    test-unit (2.1.2)
    thor (0.14.4)
    version_sorter (1.1.0)
    yajl-ruby (0.7.7)

PLATFORMS
  ruby

DEPENDENCIES
  downlow (~> 0.1.3)
  fakeweb (>= 1.2.8)
  fssm
  jeweler
  mocha
  rack-test
  rake
  shoulda
  test-unit
  thor
  version_sorter (~> 1.1.0)
  yajl-ruby
